GEM
  remote: https://rubygems.org/
  specs:
    bluecloth (2.2.0)

PLATFORMS
  ruby

DEPENDENCIES
  bluecloth
